GEM
  remote: http://rubygems.org/
  specs:
    addressable (2.3.5)
    diff-lcs (1.2.5)
    httpclient (2.3.4.1)
    json (1.8.1)
    mini_portile (0.5.3)
    multi_json (1.9.3)
    neography (1.4.1)
      httpclient (>= 2.3.3)
      json (>= 1.7.7)
      multi_json (>= 1.3.2)
      os (>= 0.9.6)
      rake (>= 0.8.7)
      rubyzip (>= 1.0.0)
    nokogiri (1.6.1)
      mini_portile (~> 0.5.0)
    open_uri_redirections (0.1.4)
    os (0.9.6)
    rake (10.3.1)
    rspec (2.14.1)
      rspec-core (~> 2.14.0)
      rspec-expectations (~> 2.14.0)
      rspec-mocks (~> 2.14.0)
    rspec-core (2.14.8)
    rspec-expectations (2.14.5)
      diff-lcs (>= 1.1.3, < 2.0)
    rspec-mocks (2.14.6)
    rubyzip (1.1.3)
    webrobots (0.1.1)

PLATFORMS
  ruby

DEPENDENCIES
  addressable
  neography
  nokogiri
  open_uri_redirections
  rspec
  rspec-core
  webrobots
